GEM
  remote: http://rubygems.org/
  specs:
    addressable (2.2.8)
    box-api (0.2.2)
      httmultiparty (~> 0.3.6)
    excon (0.14.0)
    faraday (0.8.1)
      multipart-post (~> 1.1)
    google_drive (0.3.0)
      nokogiri (>= 1.4.4, != 1.5.2, != 1.5.1)
      oauth (>= 0.3.6)
      oauth2 (>= 0.5.0)
    heroku (2.26.6)
      heroku-api (~> 0.2.4)
      launchy (>= 0.3.2)
      netrc (~> 0.7.2)
      rest-client (~> 1.6.1)
      rubyzip
    heroku-api (0.2.4)
      excon (~> 0.14.0)
    httmultiparty (0.3.8)
      httparty (>= 0.7.3)
      multipart-post
    httparty (0.8.3)
      multi_json (~> 1.0)
      multi_xml
    httpauth (0.1)
    launchy (2.1.0)
      addressable (~> 2.2.6)
    lunchy (0.6.0)
    mime-types (1.18)
    multi_json (1.3.6)
    multi_xml (0.5.1)
    multipart-post (1.1.5)
    nancy (0.2.0)
      rack
      tilt
    netrc (0.7.4)
    nokogiri (1.5.3)
    oauth (0.4.6)
    oauth2 (0.7.1)
      faraday (~> 0.8)
      httpauth (~> 0.1)
      multi_json (~> 1.0)
      rack (~> 1.4)
    rack (1.4.1)
    rest-client (1.6.7)
      mime-types (>= 1.16)
    rubyzip (0.9.8)
    tilt (1.3.3)

PLATFORMS
  ruby

DEPENDENCIES
  box-api
  google_drive
  heroku
  lunchy
  nancy
